PATH
  remote: .
  specs:
    rack-legacy-phpcli (0.0.1)
      childprocess
      rack (~> 1.6)
      rack-legacy (~> 1.0)

GEM
  remote: https://rubygems.org/
  specs:
    childprocess (0.5.6)
      ffi (~> 1.0, >= 1.0.11)
    domain_name (0.5.24)
      unf (>= 0.0.5, < 1.0.0)
    ffi (1.9.10)
    http-cookie (1.0.2)
      domain_name (~> 0.5)
    httparty (0.13.5)
      json (~> 1.8)
      multi_xml (>= 0.5.2)
    json (1.8.3)
    mechanize (2.7.3)
      domain_name (~> 0.5, >= 0.5.1)
      http-cookie (~> 1.0)
      mime-types (~> 2.0)
      net-http-digest_auth (~> 1.1, >= 1.1.1)
      net-http-persistent (~> 2.5, >= 2.5.2)
      nokogiri (~> 1.4)
      ntlm-http (~> 0.1, >= 0.1.1)
      webrobots (>= 0.0.9, < 0.2)
    mime-types (2.6.1)
    mini_portile2 (2.3.0)
    multi_xml (0.5.5)
    net-http-digest_auth (1.4)
    net-http-persistent (2.9.4)
    nokogiri (1.8.2)
      mini_portile2 (~> 2.3.0)
    ntlm-http (0.1.1)
    rack (1.6.4)
    rack-legacy (1.0.0)
      childprocess
      rack
      rack-reverse-proxy
    rack-proxy (0.5.17)
      rack
    rack-reverse-proxy (0.9.1)
      rack (>= 1.0.0)
      rack-proxy (~> 0.5)
    unf (0.1.4)
      unf_ext
    unf_ext (0.0.7.1)
    webrobots (0.1.1)

PLATFORMS
  ruby

DEPENDENCIES
  bundler (~> 1.9)
  httparty
  mechanize (~> 2.0)
  nokogiri (~> 1.8.1)
  rack-legacy-phpcli!

BUNDLED WITH
   1.14.6
